GEM
  remote: https://rubygems.org/
  specs:
    bson (3.2.4)
    colorize (0.7.7)
    json (1.8.3)
    mini_portile (0.6.2)
    mongo (2.0.6)
      bson (~> 3.0)
    nokogiri (1.6.6.2)
      mini_portile (~> 0.6.0)

PLATFORMS
  ruby

DEPENDENCIES
  colorize
  json
  mongo
  nokogiri

BUNDLED WITH
   1.10.6
